GEM
  remote: https://rubygems.org/
  specs:
    base64 (0.1.1)
    faraday (2.7.11)
      base64
      faraday-net_http (>= 2.0, < 3.1)
      ruby2_keywords (>= 0.0.4)
    faraday-multipart (1.0.4)
      multipart-post (~> 2)
    faraday-net_http (3.0.2)
    multipart-post (2.3.0)
    plaid (23.0.0)
      faraday (>= 1.0.1, < 3.0)
      faraday-multipart (>= 1.0.1, < 2.0)
    ruby2_keywords (0.0.5)

PLATFORMS
  arm64-darwin-22
  x86_64-linux

DEPENDENCIES
  plaid (~> 23.0.0)

RUBY VERSION
   ruby 3.0.6p216

BUNDLED WITH
   2.4.20
